GEM
  remote: https://rubygems.org/
  specs:
    aruba (0.6.2)
      childprocess (>= 0.3.6)
      cucumber (>= 1.1.1)
      rspec-expectations (>= 2.7.0)
    binding_of_caller (0.7.2)
      debug_inspector (>= 0.0.1)
    blankslate (3.1.3)
    builder (3.2.2)
    byebug (8.2.1)
    cassandra-driver (2.1.5)
      ione (~> 1.2)
    cassandra-driver (2.1.5-java)
      ione (~> 1.2)
    childprocess (0.5.8)
      ffi (~> 1.0, >= 1.0.11)
    codecov (0.1.4)
      json
      simplecov
      url
    coderay (1.1.0)
    cucumber (2.1.0)
      builder (>= 2.1.2)
      cucumber-core (~> 1.3.0)
      diff-lcs (>= 1.1.3)
      gherkin3 (~> 3.1.0)
      multi_json (>= 1.7.5, < 2.0)
      multi_test (>= 0.1.2)
    cucumber-core (1.3.1)
      gherkin3 (~> 3.1.0)
    debug_inspector (0.0.2)
    declarative (0.0.5)
      uber (>= 0.0.15)
    descriptive_statistics (2.5.1)
    diff-lcs (1.2.5)
    docile (1.1.5)
    fakefs (0.6.7)
    faker (1.6.3)
      i18n (~> 0.5)
    ffi (1.9.10)
    ffi (1.9.10-java)
    formatador (0.2.5)
    gherkin3 (3.1.2)
    gruff (0.6.0)
      rmagick (>= 2.13.4)
    gruff (0.6.0-java)
      rmagick4j (>= 0.3.9)
    hpricot (0.8.6)
    i18n (0.7.0)
    interception (0.5)
    ione (1.2.3)
    json (1.8.3)
    json (1.8.3-java)
    little-plugger (1.1.4)
    logging (2.1.0)
      little-plugger (~> 1.1)
      multi_json (~> 1.10)
    method_source (0.8.2)
    mipper (0.0.7)
      ffi (~> 1.9)
    multi_json (1.11.2)
    multi_test (0.1.2)
    mustache (1.0.2)
    mysql2 (0.4.4)
    parallel (1.8.0)
    parslet (1.7.1)
      blankslate (>= 2.0, <= 4.0)
    pickup (0.0.11)
    pry (0.10.3)
      coderay (~> 1.1.0)
      method_source (~> 0.8.1)
      slop (~> 3.4)
    pry (0.10.3-java)
      coderay (~> 1.1.0)
      method_source (~> 0.8.1)
      slop (~> 3.4)
      spoon (~> 0.0)
    pry-byebug (3.3.0)
      byebug (~> 8.0)
      pry (~> 0.10)
    pry-doc (0.8.0)
      pry (~> 0.9)
      yard (~> 0.8)
    pry-rescue (1.4.2)
      interception (>= 0.5)
      pry
    pry-stack_explorer (0.4.9.2)
      binding_of_caller (>= 0.7)
      pry (>= 0.9.11)
    rake (11.1.2)
    rbtree (0.4.2)
    rdiscount (2.1.8)
    representable (3.0.0)
      declarative (~> 0.0.5)
      uber (~> 0.0.15)
    rmagick (2.15.4)
    rmagick4j (0.3.9-java)
    ronn (0.7.3)
      hpricot (>= 0.8.2)
      mustache (>= 0.7.0)
      rdiscount (>= 1.5.8)
    rspec (3.4.0)
      rspec-core (~> 3.4.0)
      rspec-expectations (~> 3.4.0)
      rspec-mocks (~> 3.4.0)
    rspec-collection_matchers (1.1.2)
      rspec-expectations (>= 2.99.0.beta1)
    rspec-core (3.4.1)
      rspec-support (~> 3.4.0)
    rspec-expectations (3.4.0)
      diff-lcs (>= 1.2.0, < 2.0)
      rspec-support (~> 3.4.0)
    rspec-mocks (3.4.0)
      diff-lcs (>= 1.2.0, < 2.0)
      rspec-support (~> 3.4.0)
    rspec-support (3.4.1)
    ruby-graphviz (1.2.2)
    ruby-mysql (2.9.14)
    ruby-prof (0.15.9)
    simplecov (0.11.1)
      docile (~> 1.1.0)
      json (~> 1.8)
      simplecov-html (~> 0.10.0)
    simplecov-html (0.10.0)
    slop (3.6.0)
    smarter_csv (1.1.0)
    spoon (0.0.4)
      ffi
    table_print (1.5.6)
    thor (0.19.1)
    uber (0.0.15)
    url (0.3.2)
    yard (0.8.7.6)
    yard-thor (0.0.1)
      thor
      yard

PLATFORMS
  java
  ruby

DEPENDENCIES
  aruba (~> 0.6.0)
  cassandra-driver
  codecov
  descriptive_statistics
  fakefs
  faker
  formatador
  gruff
  logging
  mipper
  mysql2
  parallel
  parslet
  pickup
  pry
  pry-byebug
  pry-doc
  pry-rescue
  pry-stack_explorer
  rake
  rbtree
  representable
  ronn
  rspec
  rspec-collection_matchers
  ruby-graphviz
  ruby-mysql
  ruby-prof
  simplecov
  smarter_csv
  table_print
  thor
  yard
  yard-thor

BUNDLED WITH
   1.11.2
